GIT
  remote: https://github.com/jobteaser/ruby-saml
  revision: 66ee038508561eed02d73d2f5e03757de8dad96b
  branch: jobteaser
  specs:
    ruby-saml (0.8.1)
      nokogiri (>= 1.5.0)
      uuid (~> 2.3)

PATH
  remote: .
  specs:
    omniauth-saml (1.2.0)
      omniauth (~> 1.2)

GEM
  remote: https://rubygems.org/
  specs:
    diff-lcs (1.2.4)
    hashie (3.5.7)
    macaddr (1.7.1)
      systemu (~> 2.6.2)
    mini_portile2 (2.3.0)
    multi_json (1.3.7)
    nokogiri (1.8.2)
      mini_portile2 (~> 2.3.0)
    omniauth (1.4.2)
      hashie (>= 1.2, < 4)
      rack (>= 1.0, < 3)
    rack (1.5.2)
    rack-test (0.6.2)
      rack (>= 1.0)
    rspec (2.14.1)
      rspec-core (~> 2.14.0)
      rspec-expectations (~> 2.14.0)
      rspec-mocks (~> 2.14.0)
    rspec-core (2.14.7)
    rspec-expectations (2.14.4)
      diff-lcs (>= 1.1.3, < 2.0)
    rspec-mocks (2.14.4)
    simplecov (0.7.1)
      multi_json (~> 1.0)
      simplecov-html (~> 0.7.1)
    simplecov-html (0.7.1)
    systemu (2.6.5)
    uuid (2.3.8)
      macaddr (~> 1.0)

PLATFORMS
  ruby

DEPENDENCIES
  omniauth-saml!
  rack-test (~> 0.6)
  rspec (~> 2.8)
  ruby-saml!
  simplecov (~> 0.6)

BUNDLED WITH
   1.16.1
