PATH
  remote: .
  specs:
    omniauth-saml (1.2.0)
      omniauth (~> 1.2)
      ruby-saml (~> 1.2)

GEM
  remote: https://rubygems.org/
  specs:
    diff-lcs (1.2.4)
    hashie (3.4.4)
    mini_portile2 (2.0.0)
    multi_json (1.3.7)
    nokogiri (1.6.7.2)
      mini_portile2 (~> 2.0.0.rc2)
    omniauth (1.3.1)
      hashie (>= 1.2, < 4)
      rack (>= 1.0, < 3)
    rack (1.5.2)
    rack-test (0.6.2)
      rack (>= 1.0)
    rspec (2.14.1)
      rspec-core (~> 2.14.0)
      rspec-expectations (~> 2.14.0)
      rspec-mocks (~> 2.14.0)
    rspec-core (2.14.7)
    rspec-expectations (2.14.4)
      diff-lcs (>= 1.1.3, < 2.0)
    rspec-mocks (2.14.4)
    ruby-saml (1.2.0)
      nokogiri (>= 1.5.10)
    simplecov (0.7.1)
      multi_json (~> 1.0)
      simplecov-html (~> 0.7.1)
    simplecov-html (0.7.1)

PLATFORMS
  ruby

DEPENDENCIES
  omniauth-saml!
  rack-test (~> 0.6)
  rspec (~> 2.8)
  simplecov (~> 0.6)

BUNDLED WITH
   1.11.2
